GEM
  remote: https://rubygems.org/
  specs:
    coderay (1.1.3)
    csv (3.2.8)
    method_source (1.0.0)
    pry (0.14.2)
      coderay (~> 1.1)
      method_source (~> 1.0)
    rake (13.1.0)

PLATFORMS
  arm64-darwin-22

DEPENDENCIES
  csv (~> 3.2, >= 3.2.8)
  pry (~> 0.14.1)
  rake (~> 13.1)

RUBY VERSION
   ruby 3.2.1p31

BUNDLED WITH
   2.4.3
